GIT
  remote: git@github.com:Ahalogy/guard-coffeelint.git
  revision: a4165afb18ba2289e6d5a6eba90a79810bd3904d
  specs:
    guard-coffeelint (0.0.2)
      coffeelint (~> 0.2.7)
      guard (~> 2.6.1)

GEM
  remote: https://rubygems.org/
  specs:
    celluloid (0.16.0)
      timers (~> 4.0.0)
    chunky_png (1.3.1)
    coderay (1.1.0)
    coffee-script (2.3.0)
      coffee-script-source
      execjs
    coffee-script-source (1.8.0)
    coffeelint (0.2.7)
      coffee-script
      execjs
      json
    compass (1.0.1)
      chunky_png (~> 1.2)
      compass-core (~> 1.0.1)
      compass-import-once (~> 1.0.5)
      rb-fsevent (>= 0.9.3)
      rb-inotify (>= 0.9)
      sass (>= 3.3.13, < 3.5)
    compass-core (1.0.1)
      multi_json (~> 1.0)
      sass (>= 3.3.0, < 3.5)
    compass-import-once (1.0.5)
      sass (>= 3.2, < 3.5)
    ejs (1.1.1)
    em-websocket (0.5.1)
      eventmachine (>= 0.12.9)
      http_parser.rb (~> 0.6.0)
    eventmachine (1.0.3)
    execjs (2.2.1)
    exifr (1.2.0)
    ffi (1.9.6)
    formatador (0.2.5)
    fspath (2.1.0)
    guard (2.6.1)
      formatador (>= 0.2.4)
      listen (~> 2.7)
      lumberjack (~> 1.0)
      pry (>= 0.9.12)
      thor (>= 0.18.1)
    guard-coffeescript (1.4.0)
      coffee-script (>= 2.2.0)
      guard (>= 1.1.0)
    guard-compass (1.1.0)
      compass (>= 0.10.5)
      guard (~> 2.0)
    guard-ejs (0.0.1)
      ejs (>= 1.1.1)
      guard (>= 1.8.0)
    guard-livereload (2.3.1)
      em-websocket (~> 0.5)
      guard (~> 2.0)
      multi_json (~> 1.8)
    hitimes (1.2.2)
    http_parser.rb (0.6.0)
    image_optim (0.17.1)
      exifr (~> 1.1, >= 1.1.3)
      fspath (~> 2.1)
      image_size (~> 1.3)
      in_threads (~> 1.2, >= 1.2.2)
      progress (~> 3.0, >= 3.0.1)
    image_size (1.3.1)
    in_threads (1.2.2)
    json (1.8.1)
    listen (2.7.11)
      celluloid (>= 0.15.2)
      rb-fsevent (>= 0.9.3)
      rb-inotify (>= 0.9)
    lumberjack (1.0.9)
    method_source (0.8.2)
    multi_json (1.10.1)
    progress (3.0.1)
    pry (0.10.1)
      coderay (~> 1.1.0)
      method_source (~> 0.8.1)
      slop (~> 3.4)
    rainbow (2.0.0)
    rake (10.3.2)
    rb-fsevent (0.9.4)
    rb-inotify (0.9.5)
      ffi (>= 0.5.0)
    sass (3.4.5)
    sass-globbing (1.1.1)
      sass (>= 3.1)
    scss-lint (0.29.0)
      rainbow (~> 2.0)
      sass (~> 3.4.0)
    slop (3.6.0)
    susy (2.1.3)
      sass (>= 3.3.0, < 3.5)
    thor (0.19.1)
    timers (4.0.1)
      hitimes

PLATFORMS
  ruby

DEPENDENCIES
  coffee-script-source (= 1.8.0)
  compass (= 1.0.1)
  guard (= 2.6.1)
  guard-coffeelint!
  guard-coffeescript (= 1.4.0)
  guard-compass (= 1.1.0)
  guard-ejs (= 0.0.1)
  guard-livereload (= 2.3.1)
  image_optim (= 0.17.1)
  rake (= 10.3.2)
  sass (= 3.4.5)
  sass-globbing (= 1.1.1)
  scss-lint (= 0.29.0)
  susy (~> 2.1.3)
